GEM
  remote: https://rubygems.org/
  specs:
    ansi (1.5.0)
    builder (3.3.0)
    cli-kit (5.1.0)
      cli-ui (~> 2.4)
    cli-ui (2.4.0)
    io-console (0.8.1)
    metaclass (0.0.4)
    minitest (5.25.5)
    minitest-reporters (1.7.1)
      ansi
      builder
      minitest (>= 5.0)
      ruby-progressbar
    mocha (1.5.0)
      metaclass (~> 0.0.1)
    reline (0.6.2)
      io-console (~> 0.5)
    ruby-progressbar (1.13.0)

PLATFORMS
  arm64-darwin-24
  ruby

DEPENDENCIES
  cli-kit (~> 5.1.0)
  cli-ui (~> 2.4.0)
  minitest (>= 5.0.0)
  minitest-reporters
  mocha (~> 1.5.0)
  reline

BUNDLED WITH
   2.6.9
